GEM
  remote: https://rubygems.org/
  specs:
    commander (4.4.3)
      highline (~> 1.7.2)
    diff-lcs (1.3)
    dotenv (2.2.1)
    highline (1.7.8)
    mailfactory (1.4.0)
      mime-types (>= 1.13.1)
    mime-types (3.1)
      mime-types-data (~> 3.2015)
    mime-types-data (3.2016.0521)
    rspec (3.6.0)
      rspec-core (~> 3.6.0)
      rspec-expectations (~> 3.6.0)
      rspec-mocks (~> 3.6.0)
    rspec-core (3.6.0)
      rspec-support (~> 3.6.0)
    rspec-expectations (3.6.0)
      diff-lcs (>= 1.2.0, < 2.0)
      rspec-support (~> 3.6.0)
    rspec-mocks (3.6.0)
      diff-lcs (>= 1.2.0, < 2.0)
      rspec-support (~> 3.6.0)
    rspec-support (3.6.0)

PLATFORMS
  ruby

DEPENDENCIES
  commander (~> 4.4, >= 4.4.3)
  dotenv (~> 2.2, >= 2.2.1)
  mailfactory (~> 1.4)
  rspec (~> 3.6)

BUNDLED WITH
   1.15.1
