GEM
  remote: https://rubygems.org/
  specs:
    commander (4.4.3)
      highline (~> 1.7.2)
    dotenv (2.2.1)
    highline (1.7.8)

PLATFORMS
  ruby

DEPENDENCIES
  commander (~> 4.4, >= 4.4.3)
  dotenv (~> 2.2, >= 2.2.1)

BUNDLED WITH
   1.15.1
